PATH
  remote: .
  specs:
    mini_rails (0.2.0)
      erubis
      rack

GEM
  remote: https://rubygems.org/
  specs:
    erubis (2.7.0)
    rack (2.2.3)
    rack-test (1.1.0)
      rack (>= 1.0, < 3)
    rake (13.0.6)

PLATFORMS
  x86_64-linux

DEPENDENCIES
  mini_rails!
  rack-test
  rake (~> 13.0)

BUNDLED WITH
   2.3.7
